RESTRICTION: == net461
NUGET
  remote: https://api.nuget.org/v3/index.json
    Argu (3.7)
    Expecto (5.0.1)
      Argu (>= 3.7)
      FSharp.Core (>= 4.1.12)
      Mono.Cecil (>= 0.10.0-beta5)
    FAKE (4.63.2)
    FSharp.Core (4.2.3) - redirects: force
    Microsoft.NETCore.Platforms (2.0)
    Microsoft.Win32.Primitives (4.3)
    Mono.Cecil (0.10.0-beta6)
    NETStandard.Library (1.6.1)
      Microsoft.NETCore.Platforms (>= 1.1)
      Microsoft.Win32.Primitives (>= 4.3)
      System.AppContext (>= 4.3)
      System.Collections (>= 4.3)
      System.Collections.Concurrent (>= 4.3)
      System.Console (>= 4.3)
      System.Diagnostics.Debug (>= 4.3)
      System.Diagnostics.Tools (>= 4.3)
      System.Diagnostics.Tracing (>= 4.3)
      System.Globalization (>= 4.3)
      System.Globalization.Calendars (>= 4.3)
      System.IO (>= 4.3)
      System.IO.Compression (>= 4.3)
      System.IO.Compression.ZipFile (>= 4.3)
      System.IO.FileSystem (>= 4.3)
      System.IO.FileSystem.Primitives (>= 4.3)
      System.Linq (>= 4.3)
      System.Linq.Expressions (>= 4.3)
      System.Net.Http (>= 4.3)
      System.Net.Primitives (>= 4.3)
      System.Net.Sockets (>= 4.3)
      System.ObjectModel (>= 4.3)
      System.Reflection (>= 4.3)
      System.Reflection.Extensions (>= 4.3)
      System.Reflection.Primitives (>= 4.3)
      System.Resources.ResourceManager (>= 4.3)
      System.Runtime (>= 4.3)
      System.Runtime.Extensions (>= 4.3)
      System.Runtime.Handles (>= 4.3)
      System.Runtime.InteropServices (>= 4.3)
      System.Runtime.InteropServices.RuntimeInformation (>= 4.3)
      System.Runtime.Numerics (>= 4.3)
      System.Security.Cryptography.Algorithms (>= 4.3)
      System.Security.Cryptography.Encoding (>= 4.3)
      System.Security.Cryptography.Primitives (>= 4.3)
      System.Security.Cryptography.X509Certificates (>= 4.3)
      System.Text.Encoding (>= 4.3)
      System.Text.Encoding.Extensions (>= 4.3)
      System.Text.RegularExpressions (>= 4.3)
      System.Threading (>= 4.3)
      System.Threading.Tasks (>= 4.3)
      System.Threading.Timer (>= 4.3)
      System.Xml.ReaderWriter (>= 4.3)
      System.Xml.XDocument (>= 4.3)
    Newtonsoft.Json (10.0.3)
    Npgsql (3.1.9)
    SQLProvider (1.1.11)
    Suave (2.2.1)
      FSharp.Core (>= 4.0.0.1)
    Suave.Testing (2.2.1)
      Expecto (>= 4.0.3)
      FSharp.Core (>= 4.0.0.1)
      Suave (>= 2.2.1)
    System.AppContext (4.3)
    System.Collections (4.3)
    System.Collections.Concurrent (4.3)
    System.Console (4.3)
    System.Data.Common (4.3)
    System.Diagnostics.Debug (4.3)
    System.Diagnostics.Tools (4.3)
    System.Diagnostics.Tracing (4.3)
    System.Globalization (4.3)
    System.Globalization.Calendars (4.3)
    System.IO (4.3)
    System.IO.Compression (4.3)
    System.IO.Compression.ZipFile (4.3)
    System.IO.FileSystem (4.3)
      System.IO.FileSystem.Primitives (>= 4.3)
    System.IO.FileSystem.Primitives (4.3)
    System.Linq (4.3)
    System.Linq.Expressions (4.3)
    System.Net.Http (4.3.3)
      System.Security.Cryptography.X509Certificates (>= 4.3)
    System.Net.Primitives (4.3)
    System.Net.Sockets (4.3)
    System.ObjectModel (4.3)
    System.Reflection (4.3)
    System.Reflection.Extensions (4.3)
    System.Reflection.Primitives (4.3)
    System.Resources.ResourceManager (4.3)
    System.Runtime (4.3)
    System.Runtime.Extensions (4.3)
    System.Runtime.Handles (4.3)
    System.Runtime.InteropServices (4.3)
    System.Runtime.InteropServices.RuntimeInformation (4.3)
    System.Runtime.Numerics (4.3)
    System.Security.Cryptography.Algorithms (4.3)
      System.Security.Cryptography.Primitives (>= 4.3)
    System.Security.Cryptography.Encoding (4.3)
    System.Security.Cryptography.Primitives (4.3)
    System.Security.Cryptography.X509Certificates (4.3.1)
      System.Security.Cryptography.Algorithms (>= 4.3)
      System.Security.Cryptography.Encoding (>= 4.3)
    System.Text.Encoding (4.3)
    System.Text.Encoding.Extensions (4.3)
    System.Text.RegularExpressions (4.3)
    System.Threading (4.3)
    System.Threading.Tasks (4.3)
    System.Threading.Timer (4.3)
    System.Xml.ReaderWriter (4.3)
    System.Xml.XDocument (4.3)
