RESTRICTION: >= net46
NUGET
  remote: http://www.nuget.org/api/v2
    Argu (3.7)
      FSharp.Core (>= 4.0.1.7-alpha) - restriction: && (>= net46) (>= netstandard1.6)
      NETStandard.Library (>= 1.6) - restriction: && (>= net46) (>= netstandard1.6)
      System.Xml.XDocument (>= 4.0.11) - restriction: && (>= net46) (>= netstandard1.6)
    Expecto (5.0.1)
      Argu (>= 3.7)
      FSharp.Core (>= 4.1.12) - restriction: && (>= net46) (< netstandard1.6)
      FSharp.Core (>= 4.1.18) - restriction: && (>= net46) (>= netstandard1.6)
      Mono.Cecil (>= 0.10.0-beta5)
      NETStandard.Library (>= 1.6.1) - restriction: && (>= net46) (>= netstandard1.6)
      System.Diagnostics.FileVersionInfo (>= 4.3) - restriction: && (>= net46) (>= netstandard1.6)
      System.Diagnostics.TraceSource (>= 4.3) - restriction: && (>= net46) (>= netstandard1.6)
      System.Linq.Parallel (>= 4.3) - restriction: && (>= net46) (>= netstandard1.6)
    FAKE (4.63.2)
    FSharp.Core (4.2.3)
    Fuchu (1.0.3)
      FSharp.Core (>= 3.1.2.1)
    Microsoft.NETCore.Platforms (2.0) - restriction: || (&& (>= monotouch) (>= net46)) (&& (< net45) (>= net46) (< netstandard1.5) (>= netstandard1.6)) (&& (< net45) (>= net46) (>= netstandard1.6) (< netstandard2.0)) (&& (< net45) (>= net46) (>= netstandard2.0)) (&& (>= net46) (>= netcoreapp2.0)) (&& (>= net46) (< netstandard1.0) (>= netstandard1.6)) (&& (>= net46) (< netstandard1.3) (>= netstandard1.6)) (&& (>= net46) (< netstandard1.4) (>= netstandard1.6)) (&& (>= net46) (>= netstandard1.6) (< portable-net45+win8+wpa81)) (&& (>= net46) (>= netstandard1.6) (< portable-net451+win81+wpa81)) (&& (>= net46) (>= netstandard1.6) (>= uap10.0)) (&& (>= net46) (>= xamarinios)) (&& (>= net46) (>= xamarinmac)) (&& (>= net46) (>= xamarintvos)) (&& (>= net46) (>= xamarinwatchos)) (&& (>= net461) (>= netstandard1.6))
    Mono.Cecil (0.10.0-beta6)
    NETStandard.Library (2.0.1) - restriction: && (>= net46) (>= netstandard1.6)
      Microsoft.NETCore.Platforms (>= 1.1)
    Newtonsoft.Json (10.0.3)
    Npgsql (3.1.10)
    SQLProvider (1.1.12)
    Suave (1.1.3)
      FSharp.Core (>= 3.1.2.5)
    Suave.Testing (1.1.3)
      FSharp.Core (>= 3.1.2.5)
      Fuchu (>= 1.0.2)
      Suave (>= 1.1.3)
    System.Collections (4.3)
    System.Collections.NonGeneric (4.3)
    System.Data.Common (4.0)
      System.Collections (>= 4.0.10)
      System.Collections.NonGeneric (>= 4.0)
      System.Globalization (>= 4.0.10)
      System.IO (>= 4.0)
      System.Resources.ResourceManager (>= 4.0)
      System.Runtime (>= 4.0.20)
      System.Runtime.Extensions (>= 4.0.10)
      System.Text.RegularExpressions (>= 4.0)
      System.Threading.Tasks (>= 4.0)
    System.Diagnostics.FileVersionInfo (4.3) - restriction: && (>= net46) (>= netstandard1.6)
    System.Diagnostics.TraceSource (4.3) - restriction: && (>= net46) (>= netstandard1.6)
    System.Globalization (4.3)
    System.IO (4.3)
    System.Linq.Parallel (4.3) - restriction: && (>= net46) (>= netstandard1.6)
    System.Net.Http (4.3.3)
      System.Security.Cryptography.X509Certificates (>= 4.3)
    System.Resources.ResourceManager (4.3)
    System.Runtime (4.3)
    System.Runtime.Extensions (4.3)
    System.Security.Cryptography.Algorithms (4.3)
      System.IO (>= 4.3) - restriction: || (&& (>= net46) (< netstandard1.3)) (>= net463)
      System.Runtime (>= 4.3) - restriction: || (&& (>= net46) (< netstandard1.3)) (>= net463)
      System.Security.Cryptography.Encoding (>= 4.3) - restriction: || (&& (>= net46) (< netstandard1.3)) (>= net463)
      System.Security.Cryptography.Primitives (>= 4.3)
    System.Security.Cryptography.Encoding (4.3)
    System.Security.Cryptography.Primitives (4.3)
    System.Security.Cryptography.X509Certificates (4.3.1)
      System.Security.Cryptography.Algorithms (>= 4.3)
      System.Security.Cryptography.Encoding (>= 4.3)
    System.Text.RegularExpressions (4.3)
    System.Threading.Tasks (4.3)
    System.Xml.XDocument (4.3) - restriction: && (>= net46) (>= netstandard1.6)
