RESTRICTION: >= net46
NUGET
  remote: http://www.nuget.org/api/v2
    Argu (3.7)
    Expecto (5.0)
      Argu (>= 3.7)
      FSharp.Core (>= 4.1.12)
      Mono.Cecil (>= 0.10.0-beta5)
    FAKE (4.63)
    FSharp.Core (4.2.2)
    Mono.Cecil (0.10.0-beta6)
    Newtonsoft.Json (10.0.3)
    Npgsql (3.1.10)
    SQLProvider (1.1.7)
    Suave (2.1.1)
      FSharp.Core (>= 4.0.0.1)
    Suave.Testing (2.1.1)
      Expecto (>= 4.0.3)
      FSharp.Core (>= 4.0.0.1)
      Suave (>= 2.1.1)
    System.Data.Common (4.0)
    System.IO (4.3) - restriction: || (&& (>= net46) (>= dnxcore50)) (&& (>= net46) (>= netstandard1.6)) (&& (< net46) (>= net461)) (&& (>= net461) (>= dnxcore50)) (&& (>= net461) (>= netstandard1.6)) (>= net463)
    System.Net.Http (4.3.2)
      System.Security.Cryptography.X509Certificates (>= 4.3)
    System.Runtime (4.3) - restriction: || (&& (>= net46) (>= dnxcore50)) (&& (>= net46) (>= netstandard1.6)) (&& (< net46) (>= net461)) (&& (>= net461) (>= dnxcore50)) (&& (>= net461) (>= netstandard1.6)) (>= net463)
    System.Security.Cryptography.Algorithms (4.3)
      System.IO (>= 4.3) - restriction: || (&& (>= net46) (>= dnxcore50)) (&& (>= net46) (>= netstandard1.6)) (>= net463)
      System.Runtime (>= 4.3) - restriction: || (&& (>= net46) (>= dnxcore50)) (&& (>= net46) (>= netstandard1.6)) (>= net463)
      System.Security.Cryptography.Encoding (>= 4.3) - restriction: || (&& (>= net46) (>= dnxcore50)) (&& (>= net46) (>= netstandard1.6)) (>= net463)
      System.Security.Cryptography.Primitives (>= 4.3)
    System.Security.Cryptography.Encoding (4.3)
    System.Security.Cryptography.Primitives (4.3)
    System.Security.Cryptography.X509Certificates (4.3)
      System.Security.Cryptography.Algorithms (>= 4.3)
      System.Security.Cryptography.Encoding (>= 4.3)
