RESTRICTION: >= net46
NUGET
  remote: http://www.nuget.org/api/v2
    FAKE (4.61.3)
    FSharp.Core (4.2.1)
    Newtonsoft.Json (10.0.3)
    Npgsql (3.1.10)
    SQLProvider (1.1.4)
    Suave (2.1.1)
      FSharp.Core (>= 4.0.0.1)
    System.Data.Common (4.0)
