RESTRICTION: == net461
NUGET
  remote: https://api.nuget.org/v3/index.json
    Argu (3.7)
    Expecto (5.0.1)
      Argu (>= 3.7)
      FSharp.Core (>= 4.1.12)
      Mono.Cecil (>= 0.10.0-beta5)
    FAKE (4.63.2)
    FSharp.Core (4.2.3) - redirects: force
    Mono.Cecil (0.10.0-beta6)
    Newtonsoft.Json (10.0.3)
    Npgsql (3.1.9)
    SQLProvider (1.1.11)
    Suave (2.2.1)
      FSharp.Core (>= 4.0.0.1)
    Suave.Testing (2.2.1)
      Expecto (>= 4.0.3)
      FSharp.Core (>= 4.0.0.1)
      Suave (>= 2.2.1)
    System.Data.Common (4.3)
    System.Net.Http (4.3.3)
      System.Security.Cryptography.X509Certificates (>= 4.3)
    System.Security.Cryptography.Algorithms (4.3)
      System.Security.Cryptography.Primitives (>= 4.3)
    System.Security.Cryptography.Encoding (4.3)
    System.Security.Cryptography.Primitives (4.3)
    System.Security.Cryptography.X509Certificates (4.3.1)
      System.Security.Cryptography.Algorithms (>= 4.3)
      System.Security.Cryptography.Encoding (>= 4.3)
