RESTRICTION: >= net46
NUGET
  remote: https://api.nuget.org/v3/index.json
    Argu (3.7)
      FSharp.Core (>= 4.0.1.7-alpha) - restriction: && (>= net46) (>= netstandard1.6)
      NETStandard.Library (>= 1.6) - restriction: && (>= net46) (>= netstandard1.6)
      System.Xml.XDocument (>= 4.0.11) - restriction: && (>= net46) (>= netstandard1.6)
    Expecto (5.0.1)
      Argu (>= 3.7)
      FSharp.Core (>= 4.1.12) - restriction: && (>= net46) (< netstandard1.6)
      FSharp.Core (>= 4.1.18) - restriction: && (>= net46) (>= netstandard1.6)
      Mono.Cecil (>= 0.10.0-beta5)
      NETStandard.Library (>= 1.6.1) - restriction: && (>= net46) (>= netstandard1.6)
      System.Diagnostics.FileVersionInfo (>= 4.3) - restriction: && (>= net46) (>= netstandard1.6)
      System.Diagnostics.TraceSource (>= 4.3) - restriction: && (>= net46) (>= netstandard1.6)
      System.Linq.Parallel (>= 4.3) - restriction: && (>= net46) (>= netstandard1.6)
    FAKE (4.63.2)
    FSharp.Compiler.Tools (4.1.27)
    FSharp.Core (4.2.3) - redirects: force
    FSharp.NET.Sdk (1.0.5)
      FSharp.Compiler.Tools (>= 4.1.17)
    Microsoft.NETCore.Platforms (2.0) - restriction: || (&& (>= monotouch) (>= net46)) (&& (< net45) (>= net46) (< netstandard1.5) (>= netstandard1.6)) (&& (< net45) (>= net46) (>= netstandard1.6) (< netstandard2.0)) (&& (< net45) (>= net46) (>= netstandard2.0)) (&& (>= net46) (>= netcoreapp2.0)) (&& (>= net46) (< netstandard1.0) (>= netstandard1.6)) (&& (>= net46) (< netstandard1.3) (>= netstandard1.6)) (&& (>= net46) (< netstandard1.4) (>= netstandard1.6)) (&& (>= net46) (>= netstandard1.6) (< portable-net45+win8+wpa81)) (&& (>= net46) (>= netstandard1.6) (< portable-net451+win81+wpa81)) (&& (>= net46) (>= netstandard1.6) (>= uap10.0)) (&& (>= net46) (>= xamarinios)) (&& (>= net46) (>= xamarinmac)) (&& (>= net46) (>= xamarintvos)) (&& (>= net46) (>= xamarinwatchos)) (&& (>= net461) (>= netstandard1.6))
    Mono.Cecil (0.10.0-beta6)
    NETStandard.Library (2.0.1) - restriction: && (>= net46) (>= netstandard1.6)
      Microsoft.NETCore.Platforms (>= 1.1)
    Newtonsoft.Json (10.0.3)
    Npgsql (3.1.10)
    SQLProvider (1.1.11)
    Suave (2.2.1)
      FSharp.Core (>= 4.0.0.1) - restriction: && (>= net46) (< netstandard1.6)
      FSharp.Core (>= 4.1.17) - restriction: && (>= net46) (>= netstandard1.6)
      NETStandard.Library (>= 1.6.1) - restriction: && (>= net46) (>= netstandard1.6)
      System.Data.Common (>= 4.1) - restriction: && (>= net46) (>= netstandard1.6)
      System.Diagnostics.Process (>= 4.1) - restriction: && (>= net46) (>= netstandard1.6)
      System.Globalization.Extensions (>= 4.3) - restriction: && (>= net46) (>= netstandard1.6)
      System.Net.Security (>= 4.0) - restriction: && (>= net46) (>= netstandard1.6)
      System.Runtime.Serialization.Json (>= 4.0.2) - restriction: && (>= net46) (>= netstandard1.6)
      System.Security.Claims (>= 4.0.1) - restriction: && (>= net46) (>= netstandard1.6)
      System.Security.Cryptography.Primitives (>= 4.3) - restriction: && (>= net46) (>= netstandard1.6)
    Suave.Testing (2.2.1)
      Expecto (>= 4.0.3)
      FSharp.Core (>= 4.0.0.1)
      Suave (>= 2.2.1)
    System.Data.Common (4.3)
    System.Diagnostics.FileVersionInfo (4.3) - restriction: && (>= net46) (>= netstandard1.6)
    System.Diagnostics.Process (4.3) - restriction: && (>= net46) (>= netstandard1.6)
    System.Diagnostics.TraceSource (4.3) - restriction: && (>= net46) (>= netstandard1.6)
    System.Globalization.Extensions (4.3) - restriction: && (>= net46) (>= netstandard1.6)
    System.IO (4.3) - restriction: || (&& (>= dnxcore50) (>= net46)) (&& (>= dnxcore50) (>= net461)) (&& (< net46) (>= net461) (< netstandard1.4)) (&& (< net46) (>= net461) (>= netstandard1.6)) (&& (< net46) (>= net461) (< netstandard1.6)) (>= net463)
    System.Linq.Parallel (4.3) - restriction: && (>= net46) (>= netstandard1.6)
    System.Net.Http (4.3.3)
      System.Security.Cryptography.X509Certificates (>= 4.3)
    System.Net.Security (4.3.2) - restriction: && (>= net46) (>= netstandard1.6)
      System.Security.Cryptography.X509Certificates (>= 4.3)
    System.Runtime (4.3) - restriction: || (&& (>= dnxcore50) (>= net46)) (&& (>= dnxcore50) (>= net461)) (&& (< net46) (>= net461) (< netstandard1.4)) (&& (< net46) (>= net461) (>= netstandard1.6)) (&& (< net46) (>= net461) (< netstandard1.6)) (>= net463)
    System.Runtime.Serialization.Json (4.3) - restriction: && (>= net46) (>= netstandard1.6)
    System.Security.Claims (4.3) - restriction: && (>= net46) (>= netstandard1.6)
    System.Security.Cryptography.Algorithms (4.3)
      System.IO (>= 4.3) - restriction: || (&& (>= dnxcore50) (>= net46)) (>= net463)
      System.Runtime (>= 4.3) - restriction: || (&& (>= dnxcore50) (>= net46)) (>= net463)
      System.Security.Cryptography.Encoding (>= 4.3) - restriction: || (&& (>= dnxcore50) (>= net46)) (>= net463)
      System.Security.Cryptography.Primitives (>= 4.3)
    System.Security.Cryptography.Encoding (4.3)
    System.Security.Cryptography.Primitives (4.3)
    System.Security.Cryptography.X509Certificates (4.3.1)
      System.Security.Cryptography.Algorithms (>= 4.3)
      System.Security.Cryptography.Encoding (>= 4.3)
    System.Xml.XDocument (4.3) - restriction: && (>= net46) (>= netstandard1.6)
